PATH
  remote: .
  specs:
    ray (0.0.9)
      erubis (~> 2.7)
      multi_json (~> 1.14)
      rack (>= 2.2, < 4.0)
      sqlite3 (~> 1.4)

GEM
  remote: https://rubygems.org/
  specs:
    erubis (2.7.0)
    minitest (5.14.0)
    multi_json (1.14.1)
    rack (2.2.6.2)
    rack-test (1.1.0)
      rack (>= 1.0, < 3)
    rake (13.0.1)
    sqlite3 (1.4.2)

PLATFORMS
  ruby

DEPENDENCIES
  bundler (~> 2.1)
  minitest (~> 5.14)
  rack-test (~> 1.1)
  rake (~> 13.0)
  ray!

BUNDLED WITH
   2.1.4
